GEM
  remote: https://rubygems.org/
  specs:
    addressable (2.4.0)
    ansi (1.5.0)
    ast (2.2.0)
    concurrent-ruby (1.0.2)
    css_parser (1.4.1)
      addressable
    dotenv (2.1.1)
    htmlentities (4.3.4)
    httparty (0.13.7)
      json (~> 1.8)
      multi_xml (>= 0.5.2)
    json (1.8.3)
    mail (2.6.4)
      mime-types (>= 1.16, < 4)
    mime-types (3.0)
      mime-types-data (~> 3.2015)
    mime-types-data (3.2016.0221)
    multi_xml (0.5.5)
    oga (2.2)
      ast
      ruby-ll (~> 2.1)
    pakyow (0.11.0)
      bundler (~> 1.10)
      pakyow-core (= 0.11.0)
      pakyow-mailer (= 0.11.0)
      pakyow-presenter (= 0.11.0)
      pakyow-rake (= 0.11.0)
      pakyow-realtime (= 0.11.0)
      pakyow-support (= 0.11.0)
      pakyow-test (= 0.11.0)
      pakyow-ui (= 0.11.0)
      thor (~> 0.19)
    pakyow-core (0.11.0)
      pakyow-support (= 0.11.0)
      rack (~> 1.6)
    pakyow-mailer (0.11.0)
      mail (~> 2.6)
      pakyow-core (= 0.11.0)
      pakyow-presenter (= 0.11.0)
      pakyow-support (= 0.11.0)
      premailer (~> 1.8)
    pakyow-presenter (0.11.0)
      oga (~> 2.0)
      pakyow-core (= 0.11.0)
      pakyow-support (= 0.11.0)
    pakyow-rake (0.11.0)
      pakyow-core (= 0.11.0)
      pakyow-presenter (= 0.11.0)
      pakyow-support (= 0.11.0)
      rake (~> 11.1)
    pakyow-realtime (0.11.0)
      concurrent-ruby (~> 1.0)
      pakyow-core (= 0.11.0)
      pakyow-support (= 0.11.0)
      redis (~> 3.2)
      websocket (~> 1.2)
    pakyow-support (0.11.0)
    pakyow-test (0.11.0)
      pakyow-core (= 0.11.0)
      pakyow-mailer (= 0.11.0)
      pakyow-presenter (= 0.11.0)
      pakyow-support (= 0.11.0)
    pakyow-ui (0.11.0)
      pakyow-core (= 0.11.0)
      pakyow-presenter (= 0.11.0)
      pakyow-realtime (= 0.11.0)
      pakyow-support (= 0.11.0)
    pg (0.18.4)
    premailer (1.8.6)
      css_parser (>= 1.3.6)
      htmlentities (>= 4.0.0)
    puma (3.4.0)
    rack (1.6.4)
    rake (11.1.2)
    redis (3.3.0)
    ruby-ll (2.1.2)
      ansi
      ast
    sequel (4.34.0)
    shotgun (0.9.1)
      rack (>= 1.0)
    sqlite3 (1.3.11)
    thor (0.19.1)
    websocket (1.2.3)

PLATFORMS
  ruby

DEPENDENCIES
  dotenv
  httparty
  json
  pakyow (~> 0.11)
  pg
  puma
  sequel
  shotgun
  sqlite3

BUNDLED WITH
   1.12.4
